GIT
  remote: git://github.com/rodjek/rspec-puppet.git
  revision: 373ef2145a42a71960323217660d67ba1cff8b72
  specs:
    rspec-puppet (0.1.6)
      rspec

GEM
  remote: https://rubygems.org/
  specs:
    diff-lcs (1.2.4)
    facter (1.7.0)
    hiera (1.2.1)
      json_pure
    json_pure (1.7.7)
    puppet (3.1.1)
      facter (~> 1.6)
      hiera (~> 1.0)
    rspec (2.13.0)
      rspec-core (~> 2.13.0)
      rspec-expectations (~> 2.13.0)
      rspec-mocks (~> 2.13.0)
    rspec-core (2.13.1)
    rspec-expectations (2.13.0)
      diff-lcs (>= 1.1.3, < 2.0)
    rspec-mocks (2.13.1)

PLATFORMS
  ruby

DEPENDENCIES
  puppet (~> 3.1.1)
  rspec-puppet!
